GEM
  remote: https://rubygems.org/
  specs:
    nio4r (2.5.2)
    puma (4.3.5)
      nio4r (~> 2.0)

PLATFORMS
  ruby

DEPENDENCIES
  puma (~> 4.3)

RUBY VERSION
   ruby 2.6.3p62

BUNDLED WITH
   1.17.3
